GIT
  remote: https://github.com/cookpad/omniauth-rails_csrf_protection.git
  revision: b33ff2e57f7c0530da76da6b4b358218f1e7f230
  ref: b33ff2e57f7c0530da76da6b4b358218f1e7f230
  specs:
    omniauth-rails_csrf_protection (0.1.2)
      actionpack (>= 4.2)
      omniauth (>= 1.3.1)

GEM
  remote: https://rubygems.org/
  specs:
    actioncable (5.2.2.1)
      actionpack (= 5.2.2.1)
      nio4r (~> 2.0)
      websocket-driver (>= 0.6.1)
    actionmailer (5.2.2.1)
      actionpack (= 5.2.2.1)
      actionview (= 5.2.2.1)
      activejob (= 5.2.2.1)
      mail (~> 2.5, >= 2.5.4)
      rails-dom-testing (~> 2.0)
    actionpack (5.2.2.1)
      actionview (= 5.2.2.1)
      activesupport (= 5.2.2.1)
      rack (~> 2.0)
      rack-test (>= 0.6.3)
      rails-dom-testing (~> 2.0)
      rails-html-sanitizer (~> 1.0, >= 1.0.2)
    actionview (5.2.2.1)
      activesupport (= 5.2.2.1)
      builder (~> 3.1)
      erubi (~> 1.4)
      rails-dom-testing (~> 2.0)
      rails-html-sanitizer (~> 1.0, >= 1.0.3)
    activejob (5.2.2.1)
      activesupport (= 5.2.2.1)
      globalid (>= 0.3.6)
    activemodel (5.2.2.1)
      activesupport (= 5.2.2.1)
    activerecord (5.2.2.1)
      activemodel (= 5.2.2.1)
      activesupport (= 5.2.2.1)
      arel (>= 9.0)
    activestorage (5.2.2.1)
      actionpack (= 5.2.2.1)
      activerecord (= 5.2.2.1)
      marcel (~> 0.3.1)
    activesupport (5.2.2.1)
      concurrent-ruby (~> 1.0, >= 1.0.2)
      i18n (>= 0.7, < 2)
      minitest (~> 5.1)
      tzinfo (~> 1.1)
    addressable (2.7.0)
      public_suffix (>= 2.0.2, < 5.0)
    ansi (1.5.0)
    arel (9.0.0)
    ast (2.4.0)
    attr_encrypted (3.1.0)
      encryptor (~> 3.0.0)
    autoprefixer-rails (9.7.4)
      execjs
    awesome_print (1.8.0)
    bcrypt (3.1.13)
    bindex (0.8.1)
    blind_index (0.3.4)
      activesupport (>= 4.2)
    bootsnap (1.4.6)
      msgpack (~> 1.0)
    bootstrap-sass (3.4.1)
      autoprefixer-rails (>= 5.2.1)
      sassc (>= 2.0.0)
    bootstrap-social-rails (4.12.0)
      railties (>= 3.1)
    bootstrap-will_paginate (1.0.0)
      will_paginate
    bootstrap_form (2.7.0)
    builder (3.2.4)
    bullet (5.9.0)
      activesupport (>= 3.0.0)
      uniform_notifier (~> 1.11)
    bundler-audit (0.6.1)
      bundler (>= 1.2.0, < 3)
      thor (~> 0.18)
    byebug (11.1.1)
    capybara (3.31.0)
      addressable
      mini_mime (>= 0.1.3)
      nokogiri (~> 1.8)
      rack (>= 1.6.0)
      rack-test (>= 0.6.3)
      regexp_parser (~> 1.5)
      xpath (~> 3.2)
    capybara-selenium (0.0.6)
      capybara
      selenium-webdriver
    capybara-slow_finder_errors (0.1.5)
      capybara (~> 3.0)
    chartkick (3.3.1)
    childprocess (3.0.0)
    code_analyzer (0.5.1)
      sexp_processor
    codecov (0.1.16)
      json
      simplecov
      url
    coderay (1.1.2)
    coffee-rails (4.2.2)
      coffee-script (>= 2.2.0)
      railties (>= 4.0.0)
    coffee-script (2.4.1)
      coffee-script-source
      execjs
    coffee-script-source (1.12.2)
    concurrent-ruby (1.1.6)
    crack (0.4.3)
      safe_yaml (~> 1.0.0)
    crass (1.0.6)
    database_cleaner (1.8.3)
    docile (1.3.2)
    dotenv (2.7.5)
    dotenv-rails (2.7.5)
      dotenv (= 2.7.5)
      railties (>= 3.2, < 6.1)
    encryptor (3.0.0)
    erubi (1.9.0)
    erubis (2.7.0)
    eslintrb (2.1.0)
      execjs
      multi_json (>= 1.3)
      rake
    execjs (2.7.0)
    faraday (1.0.0)
      multipart-post (>= 1.2, < 3)
    fastly (1.15.0)
    fastly-rails (0.8.0)
      fastly (~> 1.6)
      railties (> 2, < 6)
    ffi (1.12.2)
    font-awesome-rails (4.7.0.5)
      railties (>= 3.2, < 6.1)
    gettext (3.3.5)
      locale (>= 2.0.5)
      text (>= 1.3.0)
    gitlab (4.13.1)
      httparty (~> 0.14, >= 0.14.0)
      terminal-table (~> 1.5, >= 1.5.1)
    globalid (0.4.2)
      activesupport (>= 4.2.0)
    hashdiff (1.0.0)
    hashie (3.6.0)
    http_accept_language (2.1.1)
    httparty (0.16.4)
      mime-types (~> 3.0)
      multi_xml (>= 0.5.2)
    i18n (1.8.2)
      concurrent-ruby (~> 1.0)
    imagesLoaded_rails (4.1.0)
      railties (>= 3.1)
    jbuilder (2.10.0)
      activesupport (>= 5.0.0)
    jquery-rails (4.3.5)
      rails-dom-testing (>= 1, < 3)
      railties (>= 4.2.0)
      thor (>= 0.14, < 2.0)
    jquery-ui-rails (6.0.1)
      railties (>= 3.2.16)
    json (2.3.0)
    jwt (2.2.1)
    kramdown (1.17.0)
    license_finder (5.6.2)
      bundler
      rubyzip
      thor
      toml (= 0.2.0)
      with_env (= 1.1.0)
      xml-simple
    locale (2.1.3)
    lograge (0.10.0)
      actionpack (>= 4)
      activesupport (>= 4)
      railties (>= 4)
      request_store (~> 1.0)
    loofah (2.4.0)
      crass (~> 1.0.2)
      nokogiri (>= 1.5.9)
    mail (2.7.1)
      mini_mime (>= 0.1.1)
    marcel (0.3.3)
      mimemagic (~> 0.3.2)
    mdl (0.4.0)
      kramdown (~> 1.12, >= 1.12.0)
      mixlib-cli (~> 1.7, >= 1.7.0)
      mixlib-config (~> 2.2, >= 2.2.1)
    method_source (0.9.2)
    mime-types (3.3.1)
      mime-types-data (~> 3.2015)
    mime-types-data (3.2019.1009)
    mimemagic (0.3.4)
    mini_mime (1.0.2)
    mini_portile2 (2.4.0)
    minitest (5.14.0)
    minitest-capybara (0.9.0)
      capybara
      minitest (~> 5.0)
      rake
    minitest-metadata (0.6.0)
      minitest (>= 4.7, < 6.0)
    minitest-rails (3.0.0)
      minitest (~> 5.8)
      railties (~> 5.0)
    minitest-rails-capybara (3.0.2)
      capybara (>= 2.7, <= 4)
      minitest-capybara (~> 0.8)
      minitest-metadata (~> 0.6)
      minitest-rails (~> 3.0)
    minitest-reporters (1.3.6)
      ansi
      builder
      minitest (>= 5.0)
      ruby-progressbar
    minitest-retry (0.1.9)
      minitest (>= 5.0)
    mixlib-cli (1.7.0)
    mixlib-config (2.2.18)
      tomlrb
    msgpack (1.3.3)
    multi_json (1.14.1)
    multi_xml (0.6.0)
    multipart-post (2.1.1)
    nio4r (2.5.2)
    nokogiri (1.10.8)
      mini_portile2 (~> 2.4.0)
    oauth2 (1.4.4)
      faraday (>= 0.8, < 2.0)
      jwt (>= 1.0, < 3.0)
      multi_json (~> 1.3)
      multi_xml (~> 0.5)
      rack (>= 1.2, < 3)
    octokit (4.16.0)
      faraday (>= 0.9)
      sawyer (~> 0.8.0, >= 0.5.3)
    omniauth (1.9.0)
      hashie (>= 3.4.6, < 3.7.0)
      rack (>= 1.6.2, < 3)
    omniauth-github (1.4.0)
      omniauth (~> 1.5)
      omniauth-oauth2 (>= 1.4.0, < 2.0)
    omniauth-oauth2 (1.6.0)
      oauth2 (~> 1.1)
      omniauth (~> 1.9)
    paleta (0.3.0)
    paper_trail (9.0.1)
      activerecord (>= 4.2, < 5.3)
      request_store (~> 1.1)
    parallel (1.19.1)
    parser (2.7.0.3)
      ast (~> 2.4.0)
    parslet (1.8.2)
    pg (1.2.2)
    pg_search (2.3.2)
      activerecord (>= 5.2)
      activesupport (>= 5.2)
    powerpack (0.1.2)
    pronto (0.10.0)
      gitlab (~> 4.0, >= 4.0.0)
      httparty (>= 0.13.7)
      octokit (~> 4.7, >= 4.7.0)
      rainbow (>= 2.2, < 4.0)
      rugged (~> 0.24, >= 0.23.0)
      thor (~> 0.20.0)
    pronto-eslint (0.10.0)
      eslintrb (~> 2.0, >= 2.0.0)
      pronto (~> 0.10.0)
    pronto-rails_best_practices (0.10.0)
      pronto (~> 0.10.0)
      rails_best_practices (~> 1.16, >= 1.15.0)
    pronto-rubocop (0.10.0)
      pronto (~> 0.10.0)
      rubocop (~> 0.50, >= 0.49.1)
    pry (0.12.2)
      coderay (~> 1.1.0)
      method_source (~> 0.9.0)
    pry-byebug (3.8.0)
      byebug (~> 11.0)
      pry (~> 0.10)
    public_suffix (4.0.3)
    puma (4.3.2)
      nio4r (~> 2.0)
    rack (2.2.2)
    rack-attack (5.4.2)
      rack (>= 1.0, < 3)
    rack-cors (1.0.5)
      rack (>= 1.6.0)
    rack-headers_filter (0.0.1)
    rack-test (1.1.0)
      rack (>= 1.0, < 3)
    rack-timeout (0.4.2)
    rails (5.2.2.1)
      actioncable (= 5.2.2.1)
      actionmailer (= 5.2.2.1)
      actionpack (= 5.2.2.1)
      actionview (= 5.2.2.1)
      activejob (= 5.2.2.1)
      activemodel (= 5.2.2.1)
      activerecord (= 5.2.2.1)
      activestorage (= 5.2.2.1)
      activesupport (= 5.2.2.1)
      bundler (>= 1.3.0)
      railties (= 5.2.2.1)
      sprockets-rails (>= 2.0.0)
    rails-controller-testing (1.0.4)
      actionpack (>= 5.0.1.x)
      actionview (>= 5.0.1.x)
      activesupport (>= 5.0.1.x)
    rails-dom-testing (2.0.3)
      activesupport (>= 4.2.0)
      nokogiri (>= 1.6)
    rails-html-sanitizer (1.3.0)
      loofah (~> 2.3)
    rails-i18n (5.1.3)
      i18n (>= 0.7, < 2)
      railties (>= 5.0, < 6)
    rails_12factor (0.0.3)
      rails_serve_static_assets
      rails_stdout_logging
    rails_best_practices (1.19.5)
      activesupport
      code_analyzer (>= 0.5.1)
      erubis
      i18n
      json
      require_all (~> 3.0)
      ruby-progressbar
    rails_serve_static_assets (0.0.5)
    rails_stdout_logging (0.0.5)
    railties (5.2.2.1)
      actionpack (= 5.2.2.1)
      activesupport (= 5.2.2.1)
      method_source
      rake (>= 0.8.7)
      thor (>= 0.19.0, < 2.0)
    rainbow (3.0.0)
    rake (13.0.1)
    rb-fsevent (0.10.3)
    rb-inotify (0.10.1)
      ffi (~> 1.0)
    redcarpet (3.4.0)
    regexp_parser (1.7.0)
    request_store (1.5.0)
      rack (>= 1.4)
    require_all (3.0.0)
    rubocop (0.52.1)
      parallel (~> 1.10)
      parser (>= 2.4.0.2, < 3.0)
      powerpack (~> 0.1)
      rainbow (>= 2.2.2, < 4.0)
      ruby-progressbar (~> 1.7)
      unicode-display_width (~> 1.0, >= 1.0.1)
    ruby-graphviz (1.2.4)
    ruby-progressbar (1.10.1)
    rubyzip (1.3.0)
    rugged (0.28.4.1)
    safe_yaml (1.0.5)
    sass (3.7.4)
      sass-listen (~> 4.0.0)
    sass-listen (4.0.0)
      rb-fsevent (~> 0.9, >= 0.9.4)
      rb-inotify (~> 0.9, >= 0.9.7)
    sass-rails (5.0.7)
      railties (>= 4.0.0, < 6)
      sass (~> 3.1)
      sprockets (>= 2.8, < 4.0)
      sprockets-rails (>= 2.0, < 4.0)
      tilt (>= 1.1, < 3)
    sassc (2.2.1)
      ffi (~> 1.9)
    sawyer (0.8.2)
      addressable (>= 2.3.5)
      faraday (> 0.8, < 2.0)
    scout_apm (2.4.21)
    secure_headers (6.3.0)
    selenium-webdriver (3.142.7)
      childprocess (>= 0.5, < 4.0)
      rubyzip (>= 1.2.2)
    sexp_processor (4.14.1)
    simplecov (0.18.5)
      docile (~> 1.1)
      simplecov-html (~> 0.11)
    simplecov-html (0.12.2)
    spring (2.0.2)
      activesupport (>= 4.2)
    sprockets (3.7.2)
      concurrent-ruby (~> 1.0)
      rack (> 1, < 3)
    sprockets-rails (3.2.1)
      actionpack (>= 4.0)
      activesupport (>= 4.0)
      sprockets (>= 3.0.0)
    terminal-table (1.8.0)
      unicode-display_width (~> 1.1, >= 1.1.1)
    text (1.3.1)
    thor (0.20.3)
    thread_safe (0.3.6)
    tilt (2.0.10)
    toml (0.2.0)
      parslet (~> 1.8.0)
    tomlrb (1.2.9)
    traceroute (0.6.2)
      rails (>= 3.0.0)
    translation (1.20)
      gettext (~> 3.2, >= 3.2.5)
    tzinfo (1.2.6)
      thread_safe (~> 0.1)
    uglifier (4.2.0)
      execjs (>= 0.3.0, < 3)
    unicode-display_width (1.6.1)
    uniform_notifier (1.13.0)
    url (0.3.2)
    vcr (4.0.0)
    web-console (3.7.0)
      actionview (>= 5.0)
      activemodel (>= 5.0)
      bindex (>= 0.4.0)
      railties (>= 5.0)
    webdrivers (4.1.1)
      nokogiri (~> 1.6)
      rubyzip (~> 1.0)
      selenium-webdriver (>= 3.0, < 4.0)
    webmock (3.8.2)
      addressable (>= 2.3.6)
      crack (>= 0.3.2)
      hashdiff (>= 0.4.0, < 2.0.0)
    websocket-driver (0.7.1)
      websocket-extensions (>= 0.1.0)
    websocket-extensions (0.1.4)
    will-paginate-i18n (0.1.15)
    will_paginate (3.3.0)
    with_env (1.1.0)
    xml-simple (1.1.5)
    xpath (3.2.0)
      nokogiri (~> 1.8)
    yaml-lint (0.0.10)

PLATFORMS
  ruby

DEPENDENCIES
  attr_encrypted (= 3.1.0)
  awesome_print (= 1.8.0)
  bcrypt (= 3.1.13)
  blind_index (= 0.3.4)
  bootsnap (= 1.4.6)
  bootstrap-sass (= 3.4.1)
  bootstrap-social-rails (= 4.12.0)
  bootstrap-will_paginate (= 1.0.0)
  bootstrap_form (= 2.7.0)
  bullet (= 5.9.0)
  bundler-audit (= 0.6.1)
  capybara-selenium (= 0.0.6)
  capybara-slow_finder_errors (= 0.1.5)
  chartkick (= 3.3.1)
  codecov (= 0.1.16)
  coffee-rails (= 4.2.2)
  database_cleaner (= 1.8.3)
  dotenv-rails (= 2.7.5)
  eslintrb (= 2.1.0)
  fastly-rails (= 0.8.0)
  font-awesome-rails (= 4.7.0.5)
  http_accept_language (= 2.1.1)
  httparty (= 0.16.4)
  imagesLoaded_rails (= 4.1.0)
  jbuilder (= 2.10.0)
  jquery-rails (= 4.3.5)
  jquery-ui-rails (= 6.0.1)
  json (= 2.3.0)
  license_finder (= 5.6.2)
  lograge (= 0.10.0)
  mail (= 2.7.1)
  mdl (= 0.4.0)
  minitest-rails-capybara (= 3.0.2)
  minitest-reporters (= 1.3.6)
  minitest-retry (= 0.1.9)
  octokit (= 4.16.0)
  omniauth-github (= 1.4.0)
  omniauth-rails_csrf_protection!
  paleta (= 0.3.0)
  paper_trail (= 9.0.1)
  pg (= 1.2.2)
  pg_search (= 2.3.2)
  pronto (= 0.10.0)
  pronto-eslint (= 0.10.0)
  pronto-rails_best_practices (= 0.10.0)
  pronto-rubocop (= 0.10.0)
  pry-byebug (= 3.8.0)
  puma (= 4.3.2)
  rack-attack (= 5.4.2)
  rack-cors (= 1.0.5)
  rack-headers_filter (= 0.0.1)
  rack-timeout (= 0.4.2)
  rails (= 5.2.2.1)
  rails-controller-testing (= 1.0.4)
  rails-i18n (= 5.1.3)
  rails_12factor (= 0.0.3)
  redcarpet (= 3.4.0)
  rubocop (= 0.52.1)
  ruby-graphviz (= 1.2.4)
  sass-rails (= 5.0.7)
  scout_apm (= 2.4.21)
  secure_headers (= 6.3.0)
  selenium-webdriver (= 3.142.7)
  simplecov (= 0.18.5)
  spring (= 2.0.2)
  traceroute (= 0.6.2)
  translation (= 1.20)
  uglifier (= 4.2.0)
  vcr (= 4.0.0)
  web-console (= 3.7.0)
  webdrivers (= 4.1.1)
  webmock (= 3.8.2)
  will-paginate-i18n (= 0.1.15)
  will_paginate (= 3.3.0)
  yaml-lint (= 0.0.10)

RUBY VERSION
   ruby 2.6.3p62

BUNDLED WITH
   2.1.4
