GEM
  remote: https://rubygems.org/
  specs:
    actioncable (6.1.3.2)
      actionpack (= 6.1.3.2)
      activesupport (= 6.1.3.2)
      nio4r (~> 2.0)
      websocket-driver (>= 0.6.1)
    actionmailbox (6.1.3.2)
      actionpack (= 6.1.3.2)
      activejob (= 6.1.3.2)
      activerecord (= 6.1.3.2)
      activestorage (= 6.1.3.2)
      activesupport (= 6.1.3.2)
      mail (>= 2.7.1)
    actionmailer (6.1.3.2)
      actionpack (= 6.1.3.2)
      actionview (= 6.1.3.2)
      activejob (= 6.1.3.2)
      activesupport (= 6.1.3.2)
      mail (~> 2.5, >= 2.5.4)
      rails-dom-testing (~> 2.0)
    actionpack (6.1.3.2)
      actionview (= 6.1.3.2)
      activesupport (= 6.1.3.2)
      rack (~> 2.0, >= 2.0.9)
      rack-test (>= 0.6.3)
      rails-dom-testing (~> 2.0)
      rails-html-sanitizer (~> 1.0, >= 1.2.0)
    actiontext (6.1.3.2)
      actionpack (= 6.1.3.2)
      activerecord (= 6.1.3.2)
      activestorage (= 6.1.3.2)
      activesupport (= 6.1.3.2)
      nokogiri (>= 1.8.5)
    actionview (6.1.3.2)
      activesupport (= 6.1.3.2)
      builder (~> 3.1)
      erubi (~> 1.4)
      rails-dom-testing (~> 2.0)
      rails-html-sanitizer (~> 1.1, >= 1.2.0)
    activejob (6.1.3.2)
      activesupport (= 6.1.3.2)
      globalid (>= 0.3.6)
    activemodel (6.1.3.2)
      activesupport (= 6.1.3.2)
    activerecord (6.1.3.2)
      activemodel (= 6.1.3.2)
      activesupport (= 6.1.3.2)
    activestorage (6.1.3.2)
      actionpack (= 6.1.3.2)
      activejob (= 6.1.3.2)
      activerecord (= 6.1.3.2)
      activesupport (= 6.1.3.2)
      marcel (~> 1.0.0)
      mini_mime (~> 1.0.2)
    activesupport (6.1.3.2)
      concurrent-ruby (~> 1.0, >= 1.0.2)
      i18n (>= 1.6, < 2)
      minitest (>= 5.1)
      tzinfo (~> 2.0)
      zeitwerk (~> 2.3)
    addressable (2.8.0)
      public_suffix (>= 2.0.2, < 5.0)
    ansi (1.5.0)
    argon2-kdf (0.1.6)
    ast (2.4.2)
    attr_encrypted (3.1.0)
      encryptor (~> 3.0.0)
    autoprefixer-rails (10.2.5.1)
      execjs (> 0)
    awesome_print (1.9.2)
    bcrypt (3.1.16)
    bindex (0.8.1)
    blind_index (2.2.0)
      activesupport (>= 5)
      argon2-kdf (>= 0.1.1)
    bootsnap (1.7.5)
      msgpack (~> 1.0)
    bootstrap-sass (3.4.1)
      autoprefixer-rails (>= 5.2.1)
      sassc (>= 2.0.0)
    bootstrap-social-rails (4.12.0)
      railties (>= 3.1)
    bootstrap_form (2.7.0)
    builder (3.2.4)
    bullet (6.1.4)
      activesupport (>= 3.0.0)
      uniform_notifier (~> 1.11)
    bundler-audit (0.8.0)
      bundler (>= 1.2.0, < 3)
      thor (~> 1.0)
    byebug (11.1.3)
    capybara (3.35.3)
      addressable
      mini_mime (>= 0.1.3)
      nokogiri (~> 1.8)
      rack (>= 1.6.0)
      rack-test (>= 0.6.3)
      regexp_parser (>= 1.5, < 3.0)
      xpath (~> 3.2)
    capybara-slow_finder_errors (0.1.5)
      capybara (~> 3.0)
    chartkick (4.0.4)
    chef-utils (17.1.35)
      concurrent-ruby
    childprocess (3.0.0)
    code_analyzer (0.5.2)
      sexp_processor
    codecov (0.5.2)
      simplecov (>= 0.15, < 0.22)
    coderay (1.1.3)
    concurrent-ruby (1.1.8)
    crack (0.4.5)
      rexml
    crass (1.0.6)
    docile (1.4.0)
    dotenv (2.7.6)
    dotenv-rails (2.7.6)
      dotenv (= 2.7.6)
      railties (>= 3.2)
    encryptor (3.0.0)
    erubi (1.10.0)
    erubis (2.7.0)
    eslintrb (2.1.0)
      execjs
      multi_json (>= 1.3)
      rake
    execjs (2.8.1)
    faraday (1.4.2)
      faraday-em_http (~> 1.0)
      faraday-em_synchrony (~> 1.0)
      faraday-excon (~> 1.1)
      faraday-net_http (~> 1.0)
      faraday-net_http_persistent (~> 1.1)
      multipart-post (>= 1.2, < 3)
      ruby2_keywords (>= 0.0.4)
    faraday-em_http (1.0.0)
    faraday-em_synchrony (1.0.0)
    faraday-excon (1.1.0)
    faraday-net_http (1.0.1)
    faraday-net_http_persistent (1.1.0)
    ffi (1.15.1)
    font-awesome-rails (4.7.0.7)
      railties (>= 3.2, < 7)
    get_process_mem (0.2.7)
      ffi (~> 1.0)
    gettext (3.3.7)
      locale (>= 2.0.5)
      text (>= 1.3.0)
    gitlab (4.17.0)
      httparty (~> 0.18)
      terminal-table (~> 1.5, >= 1.5.1)
    globalid (0.4.2)
      activesupport (>= 4.2.0)
    hashdiff (1.0.1)
    hashie (4.1.0)
    http_accept_language (2.1.1)
    httparty (0.18.1)
      mime-types (~> 3.0)
      multi_xml (>= 0.5.2)
    i18n (1.8.10)
      concurrent-ruby (~> 1.0)
    imagesLoaded_rails (4.1.0)
      railties (>= 3.1)
    jbuilder (2.11.2)
      activesupport (>= 5.0.0)
    jquery-rails (4.4.0)
      rails-dom-testing (>= 1, < 3)
      railties (>= 4.2.0)
      thor (>= 0.14, < 2.0)
    jquery-ui-rails (6.0.1)
      railties (>= 3.2.16)
    json (2.5.1)
    jwt (2.2.3)
    kramdown (2.3.1)
      rexml
    kramdown-parser-gfm (1.1.0)
      kramdown (~> 2.0)
    license_finder (6.0.0)
      bundler
      rubyzip (>= 1, < 3)
      thor
      toml (= 0.2.0)
      with_env (= 1.1.0)
      xml-simple
    locale (2.1.3)
    lograge (0.11.2)
      actionpack (>= 4)
      activesupport (>= 4)
      railties (>= 4)
      request_store (~> 1.0)
    loofah (2.9.1)
      crass (~> 1.0.2)
      nokogiri (>= 1.5.9)
    mail (2.7.1)
      mini_mime (>= 0.1.1)
    marcel (1.0.1)
    mdl (0.10.0)
      kramdown (~> 2.3)
      kramdown-parser-gfm (~> 1.1)
      mixlib-cli (~> 2.1, >= 2.1.1)
      mixlib-config (>= 2.2.1, < 4)
      mixlib-shellout
    method_source (1.0.0)
    mime-types (3.3.1)
      mime-types-data (~> 3.2015)
    mime-types-data (3.2021.0225)
    mini_mime (1.0.3)
    mini_portile2 (2.5.3)
    minitest (5.14.4)
    minitest-reporters (1.4.3)
      ansi
      builder
      minitest (>= 5.0)
      ruby-progressbar
    minitest-retry (0.2.2)
      minitest (>= 5.0)
    mixlib-cli (2.1.8)
    mixlib-config (3.0.9)
      tomlrb
    mixlib-shellout (3.2.5)
      chef-utils
    msgpack (1.4.2)
    multi_json (1.15.0)
    multi_xml (0.6.0)
    multipart-post (2.1.1)
    nio4r (2.5.7)
    nokogiri (1.11.6)
      mini_portile2 (~> 2.5.0)
      racc (~> 1.4)
    oauth2 (1.4.7)
      faraday (>= 0.8, < 2.0)
      jwt (>= 1.0, < 3.0)
      multi_json (~> 1.3)
      multi_xml (~> 0.5)
      rack (>= 1.2, < 3)
    octokit (4.18.0)
      faraday (>= 0.9)
      sawyer (~> 0.8.0, >= 0.5.3)
    omniauth (1.9.1)
      hashie (>= 3.4.6)
      rack (>= 1.6.2, < 3)
    omniauth-github (1.4.0)
      omniauth (~> 1.5)
      omniauth-oauth2 (>= 1.4.0, < 2.0)
    omniauth-oauth2 (1.7.1)
      oauth2 (~> 1.4)
      omniauth (>= 1.9, < 3)
    omniauth-rails_csrf_protection (0.1.2)
      actionpack (>= 4.2)
      omniauth (>= 1.3.1)
    pagy (3.11.0)
    paleta (0.3.0)
    paper_trail (11.1.0)
      activerecord (>= 5.2)
      request_store (~> 1.1)
    parallel (1.20.1)
    parser (3.0.1.1)
      ast (~> 2.4.1)
    parslet (1.8.2)
    pg (1.2.3)
    pg_search (2.3.5)
      activerecord (>= 5.2)
      activesupport (>= 5.2)
    pronto (0.11.0)
      gitlab (~> 4.4, >= 4.4.0)
      httparty (>= 0.13.7)
      octokit (~> 4.7, >= 4.7.0)
      rainbow (>= 2.2, < 4.0)
      rexml (~> 3.2)
      rugged (>= 0.23.0, < 1.1.0)
      thor (>= 0.20.3, < 2.0)
    pronto-eslint (0.11.0)
      eslintrb (~> 2.0, >= 2.0.0)
      pronto (~> 0.11.0)
    pronto-rails_best_practices (0.11.0)
      pronto (~> 0.11.0)
      rails_best_practices (~> 1.16, >= 1.15.0)
    pronto-rubocop (0.11.1)
      pronto (~> 0.11.0)
      rubocop (>= 0.63.1, < 2.0)
    pry (0.13.1)
      coderay (~> 1.1)
      method_source (~> 1.0)
    pry-byebug (3.9.0)
      byebug (~> 11.0)
      pry (~> 0.13.0)
    public_suffix (4.0.6)
    puma (5.3.2)
      nio4r (~> 2.0)
    puma_worker_killer (0.3.1)
      get_process_mem (~> 0.2)
      puma (>= 2.7)
    racc (1.5.2)
    rack (2.2.3)
    rack-attack (6.3.1)
      rack (>= 1.0, < 3)
    rack-cors (1.1.1)
      rack (>= 2.0.0)
    rack-headers_filter (0.0.1)
    rack-test (1.1.0)
      rack (>= 1.0, < 3)
    rack-timeout (0.6.0)
    rails (6.1.3.2)
      actioncable (= 6.1.3.2)
      actionmailbox (= 6.1.3.2)
      actionmailer (= 6.1.3.2)
      actionpack (= 6.1.3.2)
      actiontext (= 6.1.3.2)
      actionview (= 6.1.3.2)
      activejob (= 6.1.3.2)
      activemodel (= 6.1.3.2)
      activerecord (= 6.1.3.2)
      activestorage (= 6.1.3.2)
      activesupport (= 6.1.3.2)
      bundler (>= 1.15.0)
      railties (= 6.1.3.2)
      sprockets-rails (>= 2.0.0)
    rails-controller-testing (1.0.5)
      actionpack (>= 5.0.1.rc1)
      actionview (>= 5.0.1.rc1)
      activesupport (>= 5.0.1.rc1)
    rails-dom-testing (2.0.3)
      activesupport (>= 4.2.0)
      nokogiri (>= 1.6)
    rails-html-sanitizer (1.3.0)
      loofah (~> 2.3)
    rails-i18n (6.0.0)
      i18n (>= 0.7, < 2)
      railties (>= 6.0.0, < 7)
    rails_12factor (0.0.3)
      rails_serve_static_assets
      rails_stdout_logging
    rails_best_practices (1.20.1)
      activesupport
      code_analyzer (>= 0.5.2)
      erubis
      i18n
      json
      require_all (~> 3.0)
      ruby-progressbar
    rails_serve_static_assets (0.0.5)
    rails_stdout_logging (0.0.5)
    railties (6.1.3.2)
      actionpack (= 6.1.3.2)
      activesupport (= 6.1.3.2)
      method_source
      rake (>= 0.8.7)
      thor (~> 1.0)
    rainbow (3.0.0)
    rake (13.0.3)
    rb-fsevent (0.11.0)
    rb-inotify (0.10.1)
      ffi (~> 1.0)
    redcarpet (3.5.1)
    regexp_parser (2.1.1)
    request_store (1.5.0)
      rack (>= 1.4)
    require_all (3.0.0)
    rexml (3.2.5)
    rubocop (0.91.1)
      parallel (~> 1.10)
      parser (>= 2.7.1.1)
      rainbow (>= 2.2.2, < 4.0)
      regexp_parser (>= 1.7)
      rexml
      rubocop-ast (>= 0.4.0, < 1.0)
      ruby-progressbar (~> 1.7)
      unicode-display_width (>= 1.4.0, < 2.0)
    rubocop-ast (0.8.0)
      parser (>= 2.7.1.5)
    rubocop-performance (1.10.2)
      rubocop (>= 0.90.0, < 2.0)
      rubocop-ast (>= 0.4.0)
    rubocop-rails (2.8.0)
      activesupport (>= 4.2.0)
      rack (>= 1.1)
      rubocop (>= 0.87.0)
    ruby-graphviz (1.2.5)
      rexml
    ruby-progressbar (1.11.0)
    ruby2_keywords (0.0.4)
    rubyzip (2.3.0)
    rugged (1.0.1)
    sass (3.7.4)
      sass-listen (~> 4.0.0)
    sass-listen (4.0.0)
      rb-fsevent (~> 0.9, >= 0.9.4)
      rb-inotify (~> 0.9, >= 0.9.7)
    sass-rails (5.1.0)
      railties (>= 5.2.0)
      sass (~> 3.1)
      sprockets (>= 2.8, < 4.0)
      sprockets-rails (>= 2.0, < 4.0)
      tilt (>= 1.1, < 3)
    sassc (2.4.0)
      ffi (~> 1.9)
    sawyer (0.8.2)
      addressable (>= 2.3.5)
      faraday (> 0.8, < 2.0)
    scout_apm (4.0.4)
      parser
    secure_headers (6.3.2)
    selenium-webdriver (3.142.7)
      childprocess (>= 0.5, < 4.0)
      rubyzip (>= 1.2.2)
    sexp_processor (4.15.3)
    simplecov (0.21.2)
      docile (~> 1.1)
      simplecov-html (~> 0.11)
      simplecov_json_formatter (~> 0.1)
    simplecov-html (0.12.3)
    simplecov_json_formatter (0.1.3)
    spring (2.1.1)
    sprockets (3.7.2)
      concurrent-ruby (~> 1.0)
      rack (> 1, < 3)
    sprockets-rails (3.2.2)
      actionpack (>= 4.0)
      activesupport (>= 4.0)
      sprockets (>= 3.0.0)
    terminal-table (1.8.0)
      unicode-display_width (~> 1.1, >= 1.1.1)
    text (1.3.1)
    thor (1.1.0)
    tilt (2.0.10)
    toml (0.2.0)
      parslet (~> 1.8.0)
    tomlrb (2.0.1)
    translation (1.22)
      gettext (~> 3.2, >= 3.2.5)
    tzinfo (2.0.4)
      concurrent-ruby (~> 1.0)
    uglifier (4.2.0)
      execjs (>= 0.3.0, < 3)
    unicode-display_width (1.7.0)
    uniform_notifier (1.14.2)
    vcr (5.0.0)
    web-console (4.1.0)
      actionview (>= 6.0.0)
      activemodel (>= 6.0.0)
      bindex (>= 0.4.0)
      railties (>= 6.0.0)
    webdrivers (4.6.0)
      nokogiri (~> 1.6)
      rubyzip (>= 1.3.0)
      selenium-webdriver (>= 3.0, < 4.0)
    webmock (3.13.0)
      addressable (>= 2.3.6)
      crack (>= 0.3.2)
      hashdiff (>= 0.4.0, < 2.0.0)
    websocket-driver (0.7.4)
      websocket-extensions (>= 0.1.0)
    websocket-extensions (0.1.5)
    with_env (1.1.0)
    xml-simple (1.1.8)
    xpath (3.2.0)
      nokogiri (~> 1.8)
    yaml-lint (0.0.10)
    zeitwerk (2.4.2)

PLATFORMS
  ruby

DEPENDENCIES
  actionmailer (= 6.1.3.2)
  actionpack (= 6.1.3.2)
  actionview (= 6.1.3.2)
  activejob (= 6.1.3.2)
  activemodel (= 6.1.3.2)
  activerecord (= 6.1.3.2)
  activesupport (= 6.1.3.2)
  attr_encrypted (= 3.1.0)
  awesome_print (= 1.9.2)
  bcrypt (= 3.1.16)
  blind_index (= 2.2.0)
  bootsnap (= 1.7.5)
  bootstrap-sass (= 3.4.1)
  bootstrap-social-rails (= 4.12.0)
  bootstrap_form (= 2.7.0)
  bullet (= 6.1.4)
  bundler
  bundler-audit (= 0.8.0)
  capybara-slow_finder_errors (= 0.1.5)
  chartkick (= 4.0.4)
  codecov (= 0.5.2)
  dotenv-rails (= 2.7.6)
  eslintrb (= 2.1.0)
  font-awesome-rails (= 4.7.0.7)
  http_accept_language (= 2.1.1)
  httparty (= 0.18.1)
  imagesLoaded_rails (= 4.1.0)
  jbuilder (= 2.11.2)
  jquery-rails (= 4.4.0)
  jquery-ui-rails (= 6.0.1)
  json (= 2.5.1)
  license_finder (= 6.0.0)
  lograge (= 0.11.2)
  mail (= 2.7.1)
  mdl (= 0.10.0)
  minitest-reporters (= 1.4.3)
  minitest-retry (= 0.2.2)
  octokit (= 4.18.0)
  omniauth-github (= 1.4.0)
  omniauth-rails_csrf_protection (= 0.1.2)
  pagy (= 3.11.0)
  paleta (= 0.3.0)
  paper_trail (= 11.1.0)
  pg (= 1.2.3)
  pg_search (= 2.3.5)
  pronto (= 0.11.0)
  pronto-eslint (= 0.11.0)
  pronto-rails_best_practices (= 0.11.0)
  pronto-rubocop (= 0.11.1)
  pry-byebug (= 3.9.0)
  puma (= 5.3.2)
  puma_worker_killer (= 0.3.1)
  rack-attack (= 6.3.1)
  rack-cors (= 1.1.1)
  rack-headers_filter (= 0.0.1)
  rack-timeout (= 0.6.0)
  rails (= 6.1.3.2)
  rails-controller-testing (= 1.0.5)
  rails-i18n (= 6.0.0)
  rails_12factor (= 0.0.3)
  railties (= 6.1.3.2)
  redcarpet (= 3.5.1)
  rubocop (= 0.91.1)
  rubocop-performance (= 1.10.2)
  rubocop-rails (= 2.8.0)
  ruby-graphviz (= 1.2.5)
  sass-rails (= 5.1.0)
  scout_apm (= 4.0.4)
  secure_headers (= 6.3.2)
  selenium-webdriver (= 3.142.7)
  spring (= 2.1.1)
  sprockets-rails (= 3.2.2)
  translation (= 1.22)
  uglifier (= 4.2.0)
  vcr (= 5.0.0)
  web-console (= 4.1.0)
  webdrivers (= 4.6.0)
  webmock (= 3.13.0)
  yaml-lint (= 0.0.10)

RUBY VERSION
   ruby 3.0.1p64

BUNDLED WITH
   2.2.16
