GEM
  remote: https://rubygems.org/
  specs:
    actioncable (8.0.2.1)
      actionpack (= 8.0.2.1)
      activesupport (= 8.0.2.1)
      nio4r (~> 2.0)
      websocket-driver (>= 0.6.1)
      zeitwerk (~> 2.6)
    actionmailbox (8.0.2.1)
      actionpack (= 8.0.2.1)
      activejob (= 8.0.2.1)
      activerecord (= 8.0.2.1)
      activestorage (= 8.0.2.1)
      activesupport (= 8.0.2.1)
      mail (>= 2.8.0)
    actionmailer (8.0.2.1)
      actionpack (= 8.0.2.1)
      actionview (= 8.0.2.1)
      activejob (= 8.0.2.1)
      activesupport (= 8.0.2.1)
      mail (>= 2.8.0)
      rails-dom-testing (~> 2.2)
    actionpack (8.0.2.1)
      actionview (= 8.0.2.1)
      activesupport (= 8.0.2.1)
      nokogiri (>= 1.8.5)
      rack (>= 2.2.4)
      rack-session (>= 1.0.1)
      rack-test (>= 0.6.3)
      rails-dom-testing (~> 2.2)
      rails-html-sanitizer (~> 1.6)
      useragent (~> 0.16)
    actiontext (8.0.2.1)
      actionpack (= 8.0.2.1)
      activerecord (= 8.0.2.1)
      activestorage (= 8.0.2.1)
      activesupport (= 8.0.2.1)
      globalid (>= 0.6.0)
      nokogiri (>= 1.8.5)
    actionview (8.0.2.1)
      activesupport (= 8.0.2.1)
      builder (~> 3.1)
      erubi (~> 1.11)
      rails-dom-testing (~> 2.2)
      rails-html-sanitizer (~> 1.6)
    activejob (8.0.2.1)
      activesupport (= 8.0.2.1)
      globalid (>= 0.3.6)
    activemodel (8.0.2.1)
      activesupport (= 8.0.2.1)
    activerecord (8.0.2.1)
      activemodel (= 8.0.2.1)
      activesupport (= 8.0.2.1)
      timeout (>= 0.4.0)
    activestorage (8.0.2.1)
      actionpack (= 8.0.2.1)
      activejob (= 8.0.2.1)
      activerecord (= 8.0.2.1)
      activesupport (= 8.0.2.1)
      marcel (~> 1.0)
    activesupport (8.0.2.1)
      base64
      benchmark (>= 0.3)
      bigdecimal
      concurrent-ruby (~> 1.0, >= 1.3.1)
      connection_pool (>= 2.2.5)
      drb
      i18n (>= 1.6, < 2)
      logger (>= 1.4.2)
      minitest (>= 5.1)
      securerandom (>= 0.3)
      tzinfo (~> 2.0, >= 2.0.5)
      uri (>= 0.13.1)
    addressable (2.8.7)
      public_suffix (>= 2.0.2, < 7.0)
    ansi (1.5.0)
    argon2-kdf (0.2.0)
    ast (2.4.3)
    attr_encrypted (4.1.1)
      encryptor (~> 3.0.0)
    autoprefixer-rails (10.4.19.0)
      execjs (~> 2)
    awesome_print (1.9.2)
    base64 (0.3.0)
    bcrypt (3.1.20)
    benchmark (0.4.1)
    bigdecimal (3.2.2)
    bindex (0.8.1)
    blind_index (2.6.1)
      activesupport (>= 7)
      argon2-kdf (>= 0.2)
    bootsnap (1.18.6)
      msgpack (~> 1.2)
    bootstrap-sass (3.4.1)
      autoprefixer-rails (>= 5.2.1)
      sassc (>= 2.0.0)
    bootstrap-social-rails (4.12.0)
      railties (>= 3.1)
    bootstrap_form (2.7.0)
    builder (3.3.0)
    bullet (8.0.8)
      activesupport (>= 3.0.0)
      uniform_notifier (~> 1.11)
    bundler-audit (0.9.2)
      bundler (>= 1.2.0, < 3)
      thor (~> 1.0)
    byebug (11.1.3)
    capybara (3.40.0)
      addressable
      matrix
      mini_mime (>= 0.1.3)
      nokogiri (~> 1.11)
      rack (>= 1.6.0)
      rack-test (>= 0.6.3)
      regexp_parser (>= 1.5, < 3.0)
      xpath (~> 3.2)
    capybara-slow_finder_errors (0.1.5)
      capybara (~> 3.0)
    chartkick (4.2.1)
    chef-utils (18.7.10)
      concurrent-ruby
    code_analyzer (0.5.5)
      sexp_processor
    codecov (0.6.0)
      simplecov (>= 0.15, < 0.22)
    coderay (1.1.3)
    concurrent-ruby (1.3.5)
    connection_pool (2.5.3)
    crack (1.0.0)
      bigdecimal
      rexml
    crass (1.0.6)
    csv (3.3.5)
    date (3.4.1)
    docile (1.4.1)
    dotenv (2.8.1)
    dotenv-rails (2.8.1)
      dotenv (= 2.8.1)
      railties (>= 3.2)
    drb (2.2.3)
    encryptor (3.0.0)
    erb (5.0.2)
    erubi (1.13.1)
    erubis (2.7.0)
    eslintrb (2.1.0)
      execjs
      multi_json (>= 1.3)
      rake
    et-orbi (1.2.11)
      tzinfo
    execjs (2.10.0)
    faraday (2.12.2)
      faraday-net_http (>= 2.0, < 3.5)
      json
      logger
    faraday-net_http (3.4.0)
      net-http (>= 0.5.0)
    faraday-retry (2.2.1)
      faraday (~> 2.0)
    ffi (1.17.0-aarch64-linux-gnu)
    ffi (1.17.0-aarch64-linux-musl)
    ffi (1.17.0-arm-linux-gnu)
    ffi (1.17.0-arm-linux-musl)
    ffi (1.17.0-arm64-darwin)
    ffi (1.17.0-x86-linux-gnu)
    ffi (1.17.0-x86-linux-musl)
    ffi (1.17.0-x86_64-darwin)
    ffi (1.17.0-x86_64-linux-gnu)
    ffi (1.17.0-x86_64-linux-musl)
    font_awesome5_rails (1.5.0)
      nokogiri (>= 1.11.3)
      railties (>= 4.2)
    forwardable (1.3.3)
    fugit (1.11.1)
      et-orbi (~> 1, >= 1.2.11)
      raabro (~> 1.4)
    get_process_mem (1.0.0)
      bigdecimal (>= 2.0)
      ffi (~> 1.0)
    gettext (3.4.9)
      erubi
      locale (>= 2.0.5)
      prime
      racc
      text (>= 1.3.0)
    gitlab (4.20.1)
      httparty (~> 0.20)
      terminal-table (>= 1.5.1)
    globalid (1.2.1)
      activesupport (>= 6.1)
    hashdiff (1.1.2)
    hashie (5.0.0)
    http_accept_language (2.1.1)
    httparty (0.23.1)
      csv
      mini_mime (>= 1.0.0)
      multi_xml (>= 0.5.2)
    i18n (1.14.7)
      concurrent-ruby (~> 1.0)
    imagesLoaded_rails (4.1.0)
      railties (>= 3.1)
    io-console (0.8.1)
    irb (1.15.2)
      pp (>= 0.6.0)
      rdoc (>= 4.0.0)
      reline (>= 0.4.2)
    jbuilder (2.13.0)
      actionview (>= 5.0.0)
      activesupport (>= 5.0.0)
    jquery-rails (4.6.0)
      rails-dom-testing (>= 1, < 3)
      railties (>= 4.2.0)
      thor (>= 0.14, < 2.0)
    json (2.13.2)
    jwt (2.9.3)
      base64
    kramdown (2.5.1)
      rexml (>= 3.3.9)
    kramdown-parser-gfm (1.1.0)
      kramdown (~> 2.0)
    language_server-protocol (3.17.0.5)
    license_finder (7.2.1)
      bundler
      csv (~> 3.2)
      rubyzip (>= 1, < 3)
      thor (~> 1.2)
      tomlrb (>= 1.3, < 2.1)
      with_env (= 1.1.0)
      xml-simple (~> 1.1.9)
    lint_roller (1.1.0)
    locale (2.1.4)
    logger (1.7.0)
    lograge (0.14.0)
      actionpack (>= 4)
      activesupport (>= 4)
      railties (>= 4)
      request_store (~> 1.0)
    loofah (2.24.1)
      crass (~> 1.0.2)
      nokogiri (>= 1.12.0)
    mail (2.8.1)
      mini_mime (>= 0.1.1)
      net-imap
      net-pop
      net-smtp
    marcel (1.0.4)
    matrix (0.4.3)
    mdl (0.13.0)
      kramdown (~> 2.3)
      kramdown-parser-gfm (~> 1.1)
      mixlib-cli (~> 2.1, >= 2.1.1)
      mixlib-config (>= 2.2.1, < 4)
      mixlib-shellout
    method_source (1.1.0)
    mini_mime (1.1.5)
    mini_portile2 (2.8.9)
    minitest (5.25.5)
    minitest-reporters (1.7.1)
      ansi
      builder
      minitest (>= 5.0)
      ruby-progressbar
    minitest-retry (0.2.5)
      minitest (>= 5.0)
    mixlib-cli (2.1.8)
    mixlib-config (3.0.27)
      tomlrb
    mixlib-shellout (3.3.4)
      chef-utils
    msgpack (1.8.0)
    multi_json (1.16.0)
    multi_xml (0.7.2)
      bigdecimal (~> 3.1)
    net-http (0.6.0)
      uri
    net-imap (0.5.9)
      date
      net-protocol
    net-pop (0.1.2)
      net-protocol
    net-protocol (0.2.2)
      timeout
    net-smtp (0.5.1)
      net-protocol
    nio4r (2.7.4)
    nokogiri (1.18.9)
      mini_portile2 (~> 2.8.2)
      racc (~> 1.4)
    nokogiri (1.18.9-aarch64-linux-gnu)
      racc (~> 1.4)
    nokogiri (1.18.9-aarch64-linux-musl)
      racc (~> 1.4)
    nokogiri (1.18.9-arm-linux-gnu)
      racc (~> 1.4)
    nokogiri (1.18.9-arm-linux-musl)
      racc (~> 1.4)
    nokogiri (1.18.9-arm64-darwin)
      racc (~> 1.4)
    nokogiri (1.18.9-x86_64-darwin)
      racc (~> 1.4)
    nokogiri (1.18.9-x86_64-linux-gnu)
      racc (~> 1.4)
    nokogiri (1.18.9-x86_64-linux-musl)
      racc (~> 1.4)
    oauth2 (2.0.9)
      faraday (>= 0.17.3, < 3.0)
      jwt (>= 1.0, < 3.0)
      multi_xml (~> 0.5)
      rack (>= 1.2, < 4)
      snaky_hash (~> 2.0)
      version_gem (~> 1.1)
    octokit (7.2.0)
      faraday (>= 1, < 3)
      sawyer (~> 0.9)
    omniauth (2.1.2)
      hashie (>= 3.4.6)
      rack (>= 2.2.3)
      rack-protection
    omniauth-github (2.0.1)
      omniauth (~> 2.0)
      omniauth-oauth2 (~> 1.8)
    omniauth-oauth2 (1.8.0)
      oauth2 (>= 1.4, < 3)
      omniauth (~> 2.0)
    omniauth-rails_csrf_protection (1.0.2)
      actionpack (>= 4.2)
      omniauth (~> 2.0)
    pagy (6.5.0)
    paleta (0.3.0)
    paper_trail (16.0.0)
      activerecord (>= 6.1)
      request_store (~> 1.4)
    parallel (1.27.0)
    parser (3.3.9.0)
      ast (~> 2.4.1)
      racc
    pg (1.5.9)
    pg_search (2.3.7)
      activerecord (>= 6.1)
      activesupport (>= 6.1)
    pp (0.6.2)
      prettyprint
    prettyprint (0.2.0)
    prime (0.1.3)
      forwardable
      singleton
    prism (1.4.0)
    pronto (0.11.2)
      gitlab (>= 4.4.0, < 5.0)
      httparty (>= 0.13.7, < 1.0)
      octokit (>= 4.7.0, < 8.0)
      rainbow (>= 2.2, < 4.0)
      rexml (>= 3.2.5, < 4.0)
      rugged (>= 0.23.0, < 2.0)
      thor (>= 0.20.3, < 2.0)
    pronto-eslint (0.11.1)
      eslintrb (~> 2.0, >= 2.0.0)
      pronto (~> 0.11.0)
    pronto-rails_best_practices (0.11.0)
      pronto (~> 0.11.0)
      rails_best_practices (~> 1.16, >= 1.15.0)
    pronto-rubocop (0.11.5)
      pronto (~> 0.11.0)
      rubocop (>= 0.63.1, < 2.0)
    pry (0.14.2)
      coderay (~> 1.1)
      method_source (~> 1.0)
    pry-byebug (3.10.1)
      byebug (~> 11.0)
      pry (>= 0.13, < 0.15)
    psych (5.2.6)
      date
      stringio
    public_suffix (6.0.1)
    puma (6.5.0)
      nio4r (~> 2.0)
    puma_worker_killer (1.0.0)
      bigdecimal (>= 2.0)
      get_process_mem (>= 0.2)
      puma (>= 2.7)
    raabro (1.4.0)
    racc (1.8.1)
    rack (2.2.17)
    rack-attack (6.7.0)
      rack (>= 1.0, < 4)
    rack-cors (2.0.2)
      rack (>= 2.0.0)
    rack-headers_filter (0.0.1)
    rack-protection (3.2.0)
      base64 (>= 0.1.0)
      rack (~> 2.2, >= 2.2.4)
    rack-session (1.0.2)
      rack (< 3)
    rack-test (2.2.0)
      rack (>= 1.3)
    rack-timeout (0.7.0)
    rackup (1.0.1)
      rack (< 3)
      webrick
    rails (8.0.2.1)
      actioncable (= 8.0.2.1)
      actionmailbox (= 8.0.2.1)
      actionmailer (= 8.0.2.1)
      actionpack (= 8.0.2.1)
      actiontext (= 8.0.2.1)
      actionview (= 8.0.2.1)
      activejob (= 8.0.2.1)
      activemodel (= 8.0.2.1)
      activerecord (= 8.0.2.1)
      activestorage (= 8.0.2.1)
      activesupport (= 8.0.2.1)
      bundler (>= 1.15.0)
      railties (= 8.0.2.1)
    rails-controller-testing (1.0.5)
      actionpack (>= 5.0.1.rc1)
      actionview (>= 5.0.1.rc1)
      activesupport (>= 5.0.1.rc1)
    rails-dom-testing (2.3.0)
      activesupport (>= 5.0.0)
      minitest
      nokogiri (>= 1.6)
    rails-html-sanitizer (1.6.2)
      loofah (~> 2.21)
      nokogiri (>= 1.15.7, != 1.16.7, != 1.16.6, != 1.16.5, != 1.16.4, != 1.16.3, != 1.16.2, != 1.16.1, != 1.16.0.rc1, != 1.16.0)
    rails-i18n (8.0.1)
      i18n (>= 0.7, < 2)
      railties (>= 8.0.0, < 9)
    rails_12factor (0.0.3)
      rails_serve_static_assets
      rails_stdout_logging
    rails_best_practices (1.23.2)
      activesupport
      code_analyzer (~> 0.5.5)
      erubis
      i18n
      json
      require_all (~> 3.0)
      ruby-progressbar
    rails_serve_static_assets (0.0.5)
    rails_stdout_logging (0.0.5)
    railties (8.0.2.1)
      actionpack (= 8.0.2.1)
      activesupport (= 8.0.2.1)
      irb (~> 1.13)
      rackup (>= 1.0.0)
      rake (>= 12.2)
      thor (~> 1.0, >= 1.2.2)
      zeitwerk (~> 2.6)
    rainbow (3.1.1)
    rake (13.3.0)
    rdoc (6.14.2)
      erb
      psych (>= 4.0.0)
    redcarpet (3.6.1)
    regexp_parser (2.11.1)
    reline (0.6.2)
      io-console (~> 0.5)
    request_store (1.7.0)
      rack (>= 1.4)
    require_all (3.0.0)
    rexml (3.4.1)
    rubocop (1.79.2)
      json (~> 2.3)
      language_server-protocol (~> 3.17.0.2)
      lint_roller (~> 1.1.0)
      parallel (~> 1.10)
      parser (>= 3.3.0.2)
      rainbow (>= 2.2.2, < 4.0)
      regexp_parser (>= 2.9.3, < 3.0)
      rubocop-ast (>= 1.46.0, < 2.0)
      ruby-progressbar (~> 1.7)
      unicode-display_width (>= 2.4.0, < 4.0)
    rubocop-ast (1.46.0)
      parser (>= 3.3.7.2)
      prism (~> 1.4)
    rubocop-performance (1.23.0)
      rubocop (>= 1.48.1, < 2.0)
      rubocop-ast (>= 1.31.1, < 2.0)
    rubocop-rails (2.28.0)
      activesupport (>= 4.2.0)
      rack (>= 1.1)
      rubocop (>= 1.52.0, < 2.0)
      rubocop-ast (>= 1.31.1, < 2.0)
    ruby-graphviz (1.2.5)
      rexml
    ruby-progressbar (1.13.0)
    rubyzip (2.4.1)
    rugged (1.7.2)
    sassc (2.4.0)
      ffi (~> 1.9)
    sassc-rails (2.1.2)
      railties (>= 4.0.0)
      sassc (>= 2.0)
      sprockets (> 3.0)
      sprockets-rails
      tilt
    sawyer (0.9.2)
      addressable (>= 2.3.5)
      faraday (>= 0.17.3, < 3)
    scout_apm (5.6.4)
      parser
    secure_headers (7.1.0)
    securerandom (0.4.1)
    selenium-webdriver (4.27.0)
      base64 (~> 0.2)
      logger (~> 1.4)
      rexml (~> 3.2, >= 3.2.5)
      rubyzip (>= 1.2.2, < 3.0)
      websocket (~> 1.0)
    sentry-rails (5.22.1)
      railties (>= 5.0)
      sentry-ruby (~> 5.22.1)
    sentry-ruby (5.22.1)
      bigdecimal
      concurrent-ruby (~> 1.0, >= 1.0.2)
    sexp_processor (4.17.3)
    simplecov (0.21.2)
      docile (~> 1.1)
      simplecov-html (~> 0.11)
      simplecov_json_formatter (~> 0.1)
    simplecov-html (0.13.1)
    simplecov_json_formatter (0.1.4)
    singleton (0.3.0)
    snaky_hash (2.0.3)
      hashie (>= 0.1.0, < 6)
      version_gem (>= 1.1.8, < 3)
    solid_queue (1.2.1)
      activejob (>= 7.1)
      activerecord (>= 7.1)
      concurrent-ruby (>= 1.3.1)
      fugit (~> 1.11.0)
      railties (>= 7.1)
      thor (>= 1.3.1)
    spring (4.2.1)
    sprockets (4.2.1)
      concurrent-ruby (~> 1.0)
      rack (>= 2.2.4, < 4)
    sprockets-rails (3.5.2)
      actionpack (>= 6.1)
      activesupport (>= 6.1)
      sprockets (>= 3.0.0)
    stringio (3.1.7)
    terminal-table (1.6.0)
    text (1.3.1)
    thor (1.4.0)
    tilt (2.6.1)
    timeout (0.4.3)
    tomlrb (2.0.3)
    translation (1.41)
      gettext (~> 3.2, >= 3.2.5, <= 3.4.9)
    tzinfo (2.0.6)
      concurrent-ruby (~> 1.0)
    uglifier (4.2.1)
      execjs (>= 0.3.0, < 3)
    unicode-display_width (3.1.4)
      unicode-emoji (~> 4.0, >= 4.0.4)
    unicode-emoji (4.0.4)
    uniform_notifier (1.17.0)
    uri (1.0.3)
    useragent (0.16.11)
    vcr (5.0.0)
    version_gem (1.1.8)
    web-console (4.2.1)
      actionview (>= 6.0.0)
      activemodel (>= 6.0.0)
      bindex (>= 0.4.0)
      railties (>= 6.0.0)
    webmock (3.24.0)
      addressable (>= 2.8.0)
      crack (>= 0.3.2)
      hashdiff (>= 0.4.0, < 2.0.0)
    webrick (1.9.1)
    websocket (1.2.11)
    websocket-driver (0.8.0)
      base64
      websocket-extensions (>= 0.1.0)
    websocket-extensions (0.1.5)
    with_env (1.1.0)
    xml-simple (1.1.9)
      rexml
    xpath (3.2.0)
      nokogiri (~> 1.8)
    yaml-lint (0.1.2)
    zeitwerk (2.7.3)

PLATFORMS
  aarch64-linux
  aarch64-linux-gnu
  aarch64-linux-musl
  arm-linux
  arm-linux-gnu
  arm-linux-musl
  arm64-darwin
  x86-linux
  x86-linux-gnu
  x86-linux-musl
  x86_64-darwin
  x86_64-linux-gnu
  x86_64-linux-musl

DEPENDENCIES
  actionmailer (~> 8.0.1)
  actionpack (~> 8.0.1)
  actionview (~> 8.0.1)
  activejob (~> 8.0.1)
  activemodel (~> 8.0.1)
  activerecord (~> 8.0.1)
  activesupport (~> 8.0.1)
  attr_encrypted (~> 4)
  awesome_print
  bcrypt (~> 3.1.18)
  blind_index (~> 2.6.1)
  bootsnap
  bootstrap-sass (~> 3.4)
  bootstrap-social-rails (~> 4.12)
  bootstrap_form (~> 2.7)
  bullet
  bundler
  bundler-audit
  capybara-slow_finder_errors
  chartkick (~> 4.0)
  codecov
  dotenv-rails (~> 2.7)
  eslintrb
  faraday-retry (~> 2.1)
  font_awesome5_rails
  http_accept_language (~> 2.1)
  httparty
  imagesLoaded_rails (~> 4.1)
  jbuilder (~> 2.11)
  jquery-rails (~> 4.4)
  json (~> 2.0)
  license_finder (~> 7.0)
  lograge (~> 0.12)
  mail (~> 2.7)
  mdl (= 0.13.0)
  minitest-reporters
  minitest-retry
  octokit (~> 7)
  omniauth-github (~> 2.0)
  omniauth-rails_csrf_protection
  pagy (~> 6.0)
  paleta (~> 0.3)
  paper_trail (~> 16.0)
  pg (~> 1.4)
  pg_search (~> 2.3)
  pronto (~> 0.11)
  pronto-eslint (~> 0.11)
  pronto-rails_best_practices (~> 0.11)
  pronto-rubocop (~> 0.11)
  pry-byebug
  puma (~> 6.5)
  puma_worker_killer (~> 1.0)
  rack (< 3)
  rack-attack (~> 6.7)
  rack-cors (~> 2.0)
  rack-headers_filter (~> 0.0.1)
  rack-timeout (~> 0.7.0)
  rails (~> 8.0.1)
  rails-controller-testing (~> 1.0)
  rails-i18n (~> 8.0.1)
  rails_12factor (~> 0.0.3)
  railties (~> 8.0.1)
  redcarpet (~> 3.5)
  rubocop (~> 1.6)
  rubocop-performance (~> 1.20)
  rubocop-rails (~> 2.28)
  ruby-graphviz (= 1.2.5)
  sassc-rails
  scout_apm
  secure_headers (~> 7)
  selenium-webdriver
  sentry-rails
  sentry-ruby
  solid_queue (~> 1.1)
  spring (~> 4.1)
  sprockets-rails (= 3.5.2)
  translation (= 1.41)
  uglifier (~> 4.2.0)
  vcr (< 5.1)
  web-console
  webmock (~> 3.0)
  yaml-lint (~> 0.1.2)

RUBY VERSION
   ruby 3.3.6p108

BUNDLED WITH
   2.5.23
