GIT
  remote: https://github.com/mikel/mail.git
  revision: 21222e1b48f08f6f848d26643d6b6fb1d873d18c
  ref: 21222e1
  specs:
    mail (2.7.0.rc1)
      mini_mime (>= 0.1.1)

GEM
  remote: https://rubygems.org/
  specs:
    actioncable (5.1.1)
      actionpack (= 5.1.1)
      nio4r (~> 2.0)
      websocket-driver (~> 0.6.1)
    actionmailer (5.1.1)
      actionpack (= 5.1.1)
      actionview (= 5.1.1)
      activejob (= 5.1.1)
      mail (~> 2.5, >= 2.5.4)
      rails-dom-testing (~> 2.0)
    actionpack (5.1.1)
      actionview (= 5.1.1)
      activesupport (= 5.1.1)
      rack (~> 2.0)
      rack-test (~> 0.6.3)
      rails-dom-testing (~> 2.0)
      rails-html-sanitizer (~> 1.0, >= 1.0.2)
    actionview (5.1.1)
      activesupport (= 5.1.1)
      builder (~> 3.1)
      erubi (~> 1.4)
      rails-dom-testing (~> 2.0)
      rails-html-sanitizer (~> 1.0, >= 1.0.3)
    activejob (5.1.1)
      activesupport (= 5.1.1)
      globalid (>= 0.3.6)
    activemodel (5.1.1)
      activesupport (= 5.1.1)
    activerecord (5.1.1)
      activemodel (= 5.1.1)
      activesupport (= 5.1.1)
      arel (~> 8.0)
    activesupport (5.1.1)
      concurrent-ruby (~> 1.0, >= 1.0.2)
      i18n (~> 0.7)
      minitest (~> 5.1)
      tzinfo (~> 1.1)
    addressable (2.5.1)
      public_suffix (~> 2.0, >= 2.0.2)
    ansi (1.5.0)
    archive-zip (0.7.0)
      io-like (~> 0.3.0)
    arel (8.0.0)
    ast (2.3.0)
    autoprefixer-rails (7.1.1.2)
      execjs
    awesome_print (1.7.0)
    bcrypt (3.1.11)
    bindex (0.5.0)
    bootsnap (1.0.0)
      msgpack (~> 1.0)
    bootstrap-sass (3.3.7)
      autoprefixer-rails (>= 5.2.1)
      sass (>= 3.3.4)
    bootstrap-social-rails (4.12.0)
      railties (>= 3.1)
    bootstrap-will_paginate (1.0.0)
      will_paginate
    bootstrap_form (2.7.0)
    brakeman (3.6.2)
    builder (3.2.3)
    bullet (5.5.1)
      activesupport (>= 3.0.0)
      uniform_notifier (~> 1.10.0)
    bundler-audit (0.5.0)
      bundler (~> 1.2)
      thor (~> 0.18)
    byebug (9.0.6)
    capybara (2.14.2)
      addressable
      mime-types (>= 1.16)
      nokogiri (>= 1.3.3)
      rack (>= 1.0.0)
      rack-test (>= 0.5.4)
      xpath (~> 2.0)
    capybara-slow_finder_errors (0.1.4)
      capybara (~> 2.5)
    chartkick (2.2.4)
    childprocess (0.7.0)
      ffi (~> 1.0, >= 1.0.11)
    chromedriver-helper (1.1.0)
      archive-zip (~> 0.7.0)
      nokogiri (~> 1.6)
    cliver (0.3.2)
    code_analyzer (0.4.7)
      sexp_processor
    codecov (0.1.10)
      json
      simplecov
      url
    coderay (1.1.1)
    coffee-rails (4.2.2)
      coffee-script (>= 2.2.0)
      railties (>= 4.0.0)
    coffee-script (2.4.1)
      coffee-script-source
      execjs
    coffee-script-source (1.12.2)
    concurrent-ruby (1.0.5)
    crack (0.4.3)
      safe_yaml (~> 1.0.0)
    database_cleaner (1.6.1)
    docile (1.1.5)
    dotenv (2.2.1)
    dotenv-rails (2.2.1)
      dotenv (= 2.2.1)
      railties (>= 3.2, < 5.2)
    erubi (1.6.0)
    erubis (2.7.0)
    eslintrb (2.1.0)
      execjs
      multi_json (>= 1.3)
      rake
    execjs (2.7.0)
    faker (1.7.3)
      i18n (~> 0.5)
    faraday (0.12.1)
      multipart-post (>= 1.2, < 3)
    fastly (1.11.0)
    fastly-rails (0.8.0)
      fastly (~> 1.6)
      railties (> 2, < 6)
    ffi (1.9.18)
    font-awesome-rails (4.7.0.2)
      railties (>= 3.2, < 5.2)
    gettext (3.2.2)
      locale (>= 2.0.5)
      text (>= 1.3.0)
    gitlab (4.1.0)
      httparty
      terminal-table
    globalid (0.4.0)
      activesupport (>= 4.2.0)
    hashdiff (0.3.4)
    hashie (3.5.5)
    httparty (0.14.0)
      multi_xml (>= 0.5.2)
    i18n (0.8.4)
    imagesLoaded_rails (4.1.0)
      railties (>= 3.1)
    io-like (0.3.0)
    jbuilder (2.7.0)
      activesupport (>= 4.2.0)
      multi_json (>= 1.2)
    jquery-rails (4.3.1)
      rails-dom-testing (>= 1, < 3)
      railties (>= 4.2.0)
      thor (>= 0.14, < 2.0)
    jquery-ui-rails (6.0.1)
      railties (>= 3.2.16)
    json (2.1.0)
    jwt (1.5.6)
    kramdown (1.13.2)
    license_finder (3.0.0)
      bundler
      httparty
      rubyzip
      thor
      with_env (> 1.0)
      xml-simple
    locale (2.1.2)
    lograge (0.5.1)
      actionpack (>= 4, < 5.2)
      activesupport (>= 4, < 5.2)
      railties (>= 4, < 5.2)
    loofah (2.0.3)
      nokogiri (>= 1.5.9)
    mdl (0.4.0)
      kramdown (~> 1.12, >= 1.12.0)
      mixlib-cli (~> 1.7, >= 1.7.0)
      mixlib-config (~> 2.2, >= 2.2.1)
    method_source (0.8.2)
    mime-types (3.1)
      mime-types-data (~> 3.2015)
    mime-types-data (3.2016.0521)
    mini_mime (0.1.3)
    mini_portile2 (2.2.0)
    minitest (5.10.2)
    minitest-capybara (0.8.2)
      capybara (~> 2.2)
      minitest (~> 5.0)
      rake
    minitest-metadata (0.6.0)
      minitest (>= 4.7, < 6.0)
    minitest-rails (3.0.0)
      minitest (~> 5.8)
      railties (~> 5.0)
    minitest-rails-capybara (3.0.1)
      capybara (~> 2.7)
      minitest-capybara (~> 0.8)
      minitest-metadata (~> 0.6)
      minitest-rails (~> 3.0)
    minitest-reporters (1.1.14)
      ansi
      builder
      minitest (>= 5.0)
      ruby-progressbar
    minitest-retry (0.1.8)
      minitest (>= 5.0)
    mixlib-cli (1.7.0)
    mixlib-config (2.2.4)
    msgpack (1.1.0)
    multi_json (1.12.1)
    multi_xml (0.6.0)
    multipart-post (2.0.0)
    nio4r (2.1.0)
    nokogiri (1.8.0)
      mini_portile2 (~> 2.2.0)
    oauth2 (1.4.0)
      faraday (>= 0.8, < 0.13)
      jwt (~> 1.0)
      multi_json (~> 1.3)
      multi_xml (~> 0.5)
      rack (>= 1.2, < 3)
    octokit (4.7.0)
      sawyer (~> 0.8.0, >= 0.5.3)
    omniauth (1.6.1)
      hashie (>= 3.4.6, < 3.6.0)
      rack (>= 1.6.2, < 3)
    omniauth-github (1.3.0)
      omniauth (~> 1.5)
      omniauth-oauth2 (>= 1.4.0, < 2.0)
    omniauth-oauth2 (1.4.0)
      oauth2 (~> 1.0)
      omniauth (~> 1.2)
    paleta (0.3.0)
    paper_trail (7.0.3)
      activerecord (>= 4.0, < 5.2)
      request_store (~> 1.1)
    parallel (1.11.2)
    parser (2.4.0.0)
      ast (~> 2.2)
    pg (0.21.0)
    pg_search (2.0.1)
      activerecord (>= 4.2)
      activesupport (>= 4.2)
      arel (>= 6)
    poltergeist (1.15.0)
      capybara (~> 2.1)
      cliver (~> 0.3.1)
      websocket-driver (>= 0.2.0)
    powerpack (0.1.1)
    pronto (0.9.3)
      gitlab (~> 4.0, >= 4.0.0)
      httparty (>= 0.13.7, < 0.15)
      octokit (~> 4.7, >= 4.7.0)
      rainbow (~> 2.1)
      rugged (~> 0.24, >= 0.23.0)
      thor (~> 0.19.0)
    pronto-brakeman (0.9.0)
      brakeman (~> 3.2, >= 3.2.0)
      pronto (~> 0.9.0)
    pronto-eslint (0.9.1)
      eslintrb (~> 2.0, >= 2.0.0)
      pronto (~> 0.9.0)
    pronto-rails_best_practices (0.9.0)
      pronto (~> 0.9.0)
      rails_best_practices (~> 1.16, >= 1.15.0)
    pronto-rubocop (0.9.0)
      pronto (~> 0.9.0)
      rubocop (~> 0.38, >= 0.35.0)
    pry (0.10.4)
      coderay (~> 1.1.0)
      method_source (~> 0.8.1)
      slop (~> 3.4)
    pry-byebug (3.4.2)
      byebug (~> 9.0)
      pry (~> 0.10)
    public_suffix (2.0.5)
    puma (3.9.1)
    rack (2.0.3)
    rack-test (0.6.3)
      rack (>= 1.0)
    rack-timeout (0.4.2)
    rails (5.1.1)
      actioncable (= 5.1.1)
      actionmailer (= 5.1.1)
      actionpack (= 5.1.1)
      actionview (= 5.1.1)
      activejob (= 5.1.1)
      activemodel (= 5.1.1)
      activerecord (= 5.1.1)
      activesupport (= 5.1.1)
      bundler (>= 1.3.0, < 2.0)
      railties (= 5.1.1)
      sprockets-rails (>= 2.0.0)
    rails-controller-testing (1.0.2)
      actionpack (~> 5.x, >= 5.0.1)
      actionview (~> 5.x, >= 5.0.1)
      activesupport (~> 5.x)
    rails-dom-testing (2.0.3)
      activesupport (>= 4.2.0)
      nokogiri (>= 1.6)
    rails-html-sanitizer (1.0.3)
      loofah (~> 2.0)
    rails-i18n (5.0.4)
      i18n (~> 0.7)
      railties (~> 5.0)
    rails_12factor (0.0.3)
      rails_serve_static_assets
      rails_stdout_logging
    rails_best_practices (1.18.1)
      activesupport
      code_analyzer (>= 0.4.3)
      erubis
      i18n
      json
      require_all
      ruby-progressbar
    rails_serve_static_assets (0.0.5)
    rails_stdout_logging (0.0.5)
    railties (5.1.1)
      actionpack (= 5.1.1)
      activesupport (= 5.1.1)
      method_source
      rake (>= 0.8.7)
      thor (>= 0.18.1, < 2.0)
    rainbow (2.2.2)
      rake
    rake (12.0.0)
    redcarpet (3.4.0)
    request_store (1.3.2)
    require_all (1.4.0)
    rubocop (0.49.1)
      parallel (~> 1.10)
      parser (>= 2.3.3.1, < 3.0)
      powerpack (~> 0.1)
      rainbow (>= 1.99.1, < 3.0)
      ruby-progressbar (~> 1.7)
      unicode-display_width (~> 1.0, >= 1.0.1)
    ruby-graphviz (1.2.3)
    ruby-progressbar (1.8.1)
    rubyzip (1.2.1)
    rugged (0.25.1.1)
    safe_yaml (1.0.4)
    sass (3.4.24)
    sass-rails (5.0.6)
      railties (>= 4.0.0, < 6)
      sass (~> 3.1)
      sprockets (>= 2.8, < 4.0)
      sprockets-rails (>= 2.0, < 4.0)
      tilt (>= 1.1, < 3)
    sawyer (0.8.1)
      addressable (>= 2.3.5, < 2.6)
      faraday (~> 0.8, < 1.0)
    scout_apm (2.1.24)
    secure_headers (3.6.4)
      useragent
    selenium-webdriver (3.4.1)
      childprocess (~> 0.5)
      rubyzip (~> 1.0)
    sexp_processor (4.9.0)
    simplecov (0.14.1)
      docile (~> 1.1.0)
      json (>= 1.8, < 3)
      simplecov-html (~> 0.10.0)
    simplecov-html (0.10.1)
    slop (3.6.0)
    spring (2.0.2)
      activesupport (>= 4.2)
    sprockets (3.7.1)
      concurrent-ruby (~> 1.0)
      rack (> 1, < 3)
    sprockets-rails (3.2.0)
      actionpack (>= 4.0)
      activesupport (>= 4.0)
      sprockets (>= 3.0.0)
    terminal-table (1.8.0)
      unicode-display_width (~> 1.1, >= 1.1.1)
    text (1.3.1)
    thor (0.19.4)
    thread_safe (0.3.6)
    tilt (2.0.7)
    traceroute (0.5.0)
      rails (>= 3.0.0)
    translation (1.9)
      gettext (>= 3.2.2)
    tzinfo (1.2.3)
      thread_safe (~> 0.1)
    uglifier (3.2.0)
      execjs (>= 0.3.0, < 3)
    unicode-display_width (1.2.1)
    uniform_notifier (1.10.0)
    url (0.3.2)
    useragent (0.16.8)
    vcr (3.0.3)
    web-console (3.5.1)
      actionview (>= 5.0)
      activemodel (>= 5.0)
      bindex (>= 0.4.0)
      railties (>= 5.0)
    webmock (3.0.1)
      addressable (>= 2.3.6)
      crack (>= 0.3.2)
      hashdiff
    websocket-driver (0.6.5)
      websocket-extensions (>= 0.1.0)
    websocket-extensions (0.1.2)
    will-paginate-i18n (0.1.15)
    will_paginate (3.1.6)
    with_env (1.1.0)
    xml-simple (1.1.5)
    xpath (2.1.0)
      nokogiri (~> 1.3)
    yaml-lint (0.0.9)

PLATFORMS
  ruby

DEPENDENCIES
  awesome_print (= 1.7.0)
  bcrypt (= 3.1.11)
  bootsnap (= 1.0.0)
  bootstrap-sass (= 3.3.7)
  bootstrap-social-rails (= 4.12.0)
  bootstrap-will_paginate (= 1.0.0)
  bootstrap_form (= 2.7.0)
  bullet (= 5.5.1)
  bundler-audit (= 0.5.0)
  capybara-slow_finder_errors (= 0.1.4)
  chartkick (= 2.2.4)
  chromedriver-helper (= 1.1.0)
  codecov (= 0.1.10)
  coffee-rails (= 4.2.2)
  database_cleaner (= 1.6.1)
  dotenv-rails (= 2.2.1)
  eslintrb (= 2.1.0)
  faker (= 1.7.3)
  fastly-rails (= 0.8.0)
  font-awesome-rails (= 4.7.0.2)
  imagesLoaded_rails (= 4.1.0)
  jbuilder (= 2.7.0)
  jquery-rails (= 4.3.1)
  jquery-ui-rails (= 6.0.1)
  json (= 2.1.0)
  license_finder (= 3.0.0)
  lograge (= 0.5.1)
  mail!
  mdl (= 0.4.0)
  minitest-rails-capybara (= 3.0.1)
  minitest-reporters (= 1.1.14)
  minitest-retry (= 0.1.8)
  octokit (= 4.7.0)
  omniauth-github (= 1.3.0)
  paleta (= 0.3.0)
  paper_trail (= 7.0.3)
  pg (= 0.21.0)
  pg_search (= 2.0.1)
  poltergeist (= 1.15.0)
  pronto (= 0.9.3)
  pronto-brakeman (= 0.9.0)
  pronto-eslint (= 0.9.1)
  pronto-rails_best_practices (= 0.9.0)
  pronto-rubocop (= 0.9.0)
  pry-byebug (= 3.4.2)
  puma (= 3.9.1)
  rack-timeout (= 0.4.2)
  rails (= 5.1.1)
  rails-controller-testing (= 1.0.2)
  rails-i18n (= 5.0.4)
  rails_12factor (= 0.0.3)
  redcarpet (= 3.4.0)
  rubocop (= 0.49.1)
  ruby-graphviz (= 1.2.3)
  sass-rails (= 5.0.6)
  scout_apm (= 2.1.24)
  secure_headers (= 3.6.4)
  selenium-webdriver (= 3.4.1)
  simplecov (= 0.14.1)
  spring (= 2.0.2)
  traceroute (= 0.5.0)
  translation (= 1.9)
  uglifier (= 3.2.0)
  vcr (= 3.0.3)
  web-console (= 3.5.1)
  webmock (= 3.0.1)
  will-paginate-i18n (= 0.1.15)
  will_paginate (= 3.1.6)
  yaml-lint (= 0.0.9)

RUBY VERSION
   ruby 2.4.1p111

BUNDLED WITH
   1.15.1
